ObjectType = Image
BinaryDataByteOrderMSB = False
NDims = 3
ElementSpacing = 0.036 400 1.3
DimSize = 1 1 1
ElementType = MET_INT
ElementDataFile = outname.raw
