ObjectType = Image
NDims = 3
BinaryData = True
BinaryDataByteOrderMSB = False
CompressedData = False
TransformMatrix = 1 0 0 0 1 0 0 0 1
Offset = -9.9499999999999993 -9.9499999999999993 -1.95
CenterOfRotation = 0 0 0
AnatomicalOrientation = RAI
ElementSpacing = 0.10000000000000001 0.10000000000000001 0.10000000000000001
DimSize = 200 200 40
ElementType = MET_FLOAT
ElementDataFile = gate_edep2.raw
