ObjectType = Image
BinaryDataByteOrderMSB = False
NDims = 3
ElementSpacing = 0.2 0.784 0.784
DimSize = 1 512 512
ElementType = MET_FLOAT
ElementDataFile = ggems_1e09_121kVp_edepTrue_dose.raw
