ObjectType = Image
BinaryDataByteOrderMSB = False
NDims = 3
ElementSpacing = 0.784 0.784 0.2
DimSize = 512 512 1
ElementType = MET_FLOAT
ElementDataFile = ggems_1e08_100kVp_edepTrue2_uncertainty.raw
