ObjectType = Image
BinaryDataByteOrderMSB = False
NDims = 3
ElementSpacing = 1 0.784 0.784
DimSize = 1 512 512
ElementType = MET_DOUBLE
ElementDataFile = run_120kVp_1e10_edep.raw
