ObjectType = Image
BinaryDataByteOrderMSB = False
NDims = 3
ElementSpacing = 1 0.784 0.784
DimSize = 1 512 512
ElementType = MET_FLOAT
ElementDataFile = no_body_ggems_1e05_100kVp_edepTrue_dose.raw
