ObjectType = Image
BinaryDataByteOrderMSB = False
NDims = 3
ElementSpacing = 0.8 0.8 3
DimSize = 500 500 1
ElementType = MET_INT
ElementDataFile = ggems_edep-scatter.raw
