ObjectType = Image
BinaryDataByteOrderMSB = False
NDims = 3
ElementSpacing = 0.1 0.1 0.1
DimSize = 200 200 40
ElementType = MET_INT
ElementDataFile = projection.raw
