ObjectType = Image
BinaryDataByteOrderMSB = False
NDims = 3
ElementSpacing = 0.2 0.784 0.784
DimSize = 1 512 512
ElementType = MET_DOUBLE
ElementDataFile = ggems_1e05_100kVp_edepTrue_edep.raw
