ObjectType = Image
BinaryDataByteOrderMSB = False
NDims = 3
ElementSpacing = 1 0.784 0.784
DimSize = 1 512 512
ElementType = MET_FLOAT
ElementDataFile = ggems_1e05_121kVp_edepTrue_uncertainty.raw
