ObjectType = Image
BinaryDataByteOrderMSB = False
NDims = 3
ElementSpacing = 1 0.784 0.784
DimSize = 1 512 512
ElementType = MET_INT
ElementDataFile = no_body_ggems_1e09_100kVp_edepTrue_hit.raw
