ObjectType = Image
BinaryDataByteOrderMSB = False
NDims = 3
ElementSpacing = 0.1 0.1 0.1
DimSize = 120 120 120
ElementType = MET_INT
ElementDataFile = phantom.raw
