ObjectType = Image
BinaryDataByteOrderMSB = False
NDims = 3
ElementSpacing = 1 1 10
DimSize = 400 400 1
ElementType = MET_INT
ElementDataFile = projection2-scatter.raw
