ObjectType = Image
BinaryDataByteOrderMSB = False
NDims = 3
ElementSpacing = 1 1 1
DimSize = 120 120 120
ElementType = MET_INT
ElementDataFile = phantom.raw
