ObjectType = Image
BinaryDataByteOrderMSB = False
NDims = 3
ElementSpacing = 0.1 0.1 10
DimSize = 400 400 1
ElementType = MET_INT
ElementDataFile = projection.raw
