ObjectType = Image
BinaryDataByteOrderMSB = False
NDims = 3
ElementSpacing = 0.1 0.1 1
DimSize = 40 200 200
ElementType = MET_INT
ElementDataFile = volume.raw
