ObjectType = Image
BinaryDataByteOrderMSB = False
NDims = 3
ElementSpacing = 0.784 0.784 1
DimSize = 512 512 1
ElementType = MET_INT
ElementDataFile = ggems_1e08_121kVp_2mmAl_counts.raw
