ObjectType = Image
NDims = 3
BinaryData = True
BinaryDataByteOrderMSB = False
CompressedData = False
TransformMatrix = 1 0 0 0 1 0 0 0 1
Offset = -200.31200000000001 -200.31200000000001 0
CenterOfRotation = 0 0 0
AnatomicalOrientation = RAI
ElementSpacing = 0.78400000000000003 0.78400000000000003 1
DimSize = 512 512 1
ElementType = MET_FLOAT
ElementDataFile = run_edep_1e10.raw
